{
	"TaskName": "cvep",
	"Manufacturer": "Brain Products",
	"PowerLineFrequency": 50.0,
	"SamplingFrequency": 500.0,
	"SoftwareFilters": "n/a",
	"RecordingDuration": 252.998,
	"RecordingType": "continuous",
	"EEGReference": "FCz",
	"EEGGround": "FPz",
	"EEGPlacementScheme": "10-20 system",
	"EEGChannelCount": 32,
	"EOGChannelCount": 0,
	"ECGChannelCount": 0,
	"EMGChannelCount": 0,
	"TriggerChannelCount": 0,
	"ManufacturersModelName": "BrainProducts LiveAmp 32",
	"CapManufacturer": "BrainProducts",
	"CapManufacturersModelName": "Acticap",
	"SoftwareVersions": "n/a",
	"HardwareFilters": {
		"HardwareFilter": {
			"line_noise": "IIR cut-band filter between 49.9 and 50.1 Hz of order 16"
		}
	},
	"TaskDescription": "[reactive BCI] factorial design Trial duration: 2.2s, cue: 0.5s, stimulus frequencies: [2.0, 3.0, 4.0] Hz.",
	"Instructions": "Participants were instructed to focus on c-VEP targets cued sequentially",
	"InstitutionName": "Institut Sup\u00e9rieur de l'A\u00e9ronautique et de l'Espace (ISAE-SUPAERO)",
	"InstitutionAddress": "10 Av. Edouard Belin, Toulouse, 31400, France",
	"InstitutionalDepartmentName": "Human Factors and Neuroergonomics",
	"SubjectArtefactDescription": "Impedance kept below 25.0 kOhm",
	"DeviceSerialNumber": "n/a",
	"Description": "Burst c-VEP based BCI study optimizing stimulus design for enhanced classification with minimal calibration data and improved user experience. The study introduces an innovative variant of code-VEP called 'Burst c-VEP' involving short bursts of aperiodic visual flashes at 2-4 flashes per second.",
	"MISCChannelCount": 0
}